GEM
  remote: http://rubygems.org/
  specs:
    sass (3.2.12)
    compass (1.0.3)

PLATFORMS
  ruby

DEPENDENCIES
  sass
  compass
